GEM
  specs:

PLATFORMS
  ruby

DEPENDENCIES

BUNDLED WITH
   2.2.27
